PATH
  remote: .
  specs:
    cohortCLI (1.0.0)

GEM
  remote: https://rubygems.org/
  specs:
    rake (12.3.3)

PLATFORMS
  ruby

DEPENDENCIES
  cohortCLI!
  rake (~> 12.0)

BUNDLED WITH
   2.1.4
